GEM
  remote: https://rubygems.org/
  specs:
    backports (3.23.0)
    erubis (2.7.0)
    multi_json (1.15.0)
    rack (1.6.13)
    rack-protection (1.5.5)
      rack
    rack-test (1.1.0)
      rack (>= 1.0, < 3)
    sinatra (1.4.8)
      rack (~> 1.5)
      rack-protection (~> 1.4)
      tilt (>= 1.3, < 3)
    sinatra-contrib (1.4.7)
      backports (>= 2.0)
      multi_json
      rack-protection
      rack-test
      sinatra (~> 1.4.0)
      tilt (>= 1.3, < 3)
    sinatra-reloader (1.0)
      sinatra-contrib
    tilt (2.0.10)
    webrick (1.7.0)

PLATFORMS
  x86_64-linux

DEPENDENCIES
  erubis
  sinatra (~> 1.4.7)
  sinatra-contrib
  sinatra-reloader
  webrick

RUBY VERSION
   ruby 3.1.2p20

BUNDLED WITH
   2.3.14
